GIT
  remote: https://github.com/intridea/grape.git
  revision: b894c4c4587fbb2c51a38a29cd0b9885a29e1c3a
  branch: frontier
  specs:
    grape (0.2.0)
      hashie (~> 1.2)
      multi_json
      multi_xml
      rack
      rack-mount

GIT
  remote: https://github.com/jnicklas/capybara.git
  revision: c387abafd94a053b7f741e2bd7105b5fc2227a08
  specs:
    capybara (1.1.2)
      mime-types (>= 1.16)
      nokogiri (>= 1.3.3)
      rack (>= 1.0.0)
      rack-test (>= 0.5.4)
      selenium-webdriver (~> 2.0)
      xpath (~> 0.1.4)

GEM
  remote: http://rubygems.org/
  specs:
    activemodel (3.2.3)
      activesupport (= 3.2.3)
      builder (~> 3.0.0)
    activerecord (3.2.3)
      activemodel (= 3.2.3)
      activesupport (= 3.2.3)
      arel (~> 3.0.2)
      tzinfo (~> 0.3.29)
    activesupport (3.2.3)
      i18n (~> 0.6)
      multi_json (~> 1.0)
    arel (3.0.2)
    builder (3.0.0)
    childprocess (0.3.1)
      ffi (~> 1.0.6)
    daemons (1.1.8)
    diff-lcs (1.1.3)
    eventmachine (0.12.10)
    ffi (1.0.11)
    guard (1.0.0)
      ffi (>= 0.5.0)
      thor (~> 0.14.6)
    guard-bundler (0.1.3)
      bundler (>= 1.0.0)
      guard (>= 0.2.2)
    guard-rack (1.0)
      guard
      guard-rack
      libnotify (~> 0.1.3)
      rb-inotify (>= 0.5.1)
    hashie (1.2.0)
    i18n (0.6.0)
    json (1.6.5)
    json_pure (1.6.5)
    libnotify (0.1.4)
      ffi (>= 0.6.2)
    mime-types (1.17.2)
    multi_json (1.2.0)
    multi_xml (0.4.2)
    nokogiri (1.5.0)
    pg (0.13.2)
    rack (1.3.5)
    rack-mount (0.8.3)
      rack (>= 1.0.0)
    rack-test (0.6.1)
      rack (>= 1.0)
    rb-inotify (0.8.8)
      ffi (>= 0.5.0)
    rspec (2.8.0)
      rspec-core (~> 2.8.0)
      rspec-expectations (~> 2.8.0)
      rspec-mocks (~> 2.8.0)
    rspec-core (2.8.0)
    rspec-expectations (2.8.0)
      diff-lcs (~> 1.1.2)
    rspec-mocks (2.8.0)
    rubyzip (0.9.6.1)
    selenium-webdriver (2.13.0)
      childprocess (>= 0.2.1)
      ffi (~> 1.0.9)
      json_pure
      rubyzip
    thin (1.3.1)
      daemons (>= 1.0.9)
      eventmachine (>= 0.12.6)
      rack (>= 1.0.0)
    thor (0.14.6)
    tzinfo (0.3.32)
    xpath (0.1.4)
      nokogiri (~> 1.3)

PLATFORMS
  ruby

DEPENDENCIES
  activerecord (~> 3.2.3)
  capybara!
  grape!
  guard
  guard-bundler
  guard-rack
  json (= 1.6.5)
  pg
  rack (= 1.3.5)
  rack-test
  rspec
  rspec-core
  rspec-expectations
  rspec-mocks
  thin (~> 1.3.1)
