GIT
  remote: https://github.com/intridea/grape.git
  revision: b894c4c4587fbb2c51a38a29cd0b9885a29e1c3a
  branch: frontier
  specs:
    grape (0.2.0)
      hashie (~> 1.2)
      multi_json
      multi_xml
      rack
      rack-mount

GIT
  remote: https://github.com/jnicklas/capybara.git
  revision: 755a724d4b10e6841a0eeb58af43375236b33247
  specs:
    capybara (1.1.2)
      mime-types (>= 1.16)
      nokogiri (>= 1.3.3)
      rack (>= 1.0.0)
      rack-test (>= 0.5.4)
      selenium-webdriver (~> 2.0)
      xpath (~> 0.1.4)

GEM
  remote: http://rubygems.org/
  specs:
    activesupport (3.2.3)
      i18n (~> 0.6)
      multi_json (~> 1.0)
    addressable (2.2.7)
    bcrypt-ruby (3.0.1)
    childprocess (0.3.1)
      ffi (~> 1.0.6)
    coderay (1.0.6)
    daemons (1.1.8)
    database_cleaner (0.7.2)
    diff-lcs (1.1.3)
    eventmachine (0.12.10)
    ffi (1.0.11)
    foreman (0.41.0)
      thor (>= 0.13.6)
    grape-rabl (0.0.4)
      i18n
      rabl
      tilt
    hashie (1.2.0)
    heroku (2.24.0)
      launchy (>= 0.3.2)
      netrc (~> 0.7.1)
      rest-client (~> 1.6.1)
      rubyzip
    i18n (0.6.0)
    json (1.6.0)
    launchy (2.1.0)
      addressable (~> 2.2.6)
    method_source (0.7.1)
    mime-types (1.18)
    multi_json (1.2.0)
    multi_xml (0.4.2)
    netrc (0.7.1)
    nokogiri (1.5.2)
    pg (0.13.2)
    pry (0.9.8.4)
      coderay (~> 1.0.5)
      method_source (~> 0.7.1)
      slop (>= 2.4.4, < 3)
    pry-remote (0.1.1)
      pry (~> 0.9.8)
      slop (~> 2.1)
    rabl (0.6.8)
      activesupport (>= 2.3.14)
      multi_json (~> 1.0)
    rack (1.3.0)
    rack-mount (0.8.3)
      rack (>= 1.0.0)
    rack-test (0.6.1)
      rack (>= 1.0)
    rest-client (1.6.7)
      mime-types (>= 1.16)
    rspec (2.9.0)
      rspec-core (~> 2.9.0)
      rspec-expectations (~> 2.9.0)
      rspec-mocks (~> 2.9.0)
    rspec-core (2.9.0)
    rspec-expectations (2.9.1)
      diff-lcs (~> 1.1.3)
    rspec-mocks (2.9.0)
    rubyzip (0.9.7)
    selenium-webdriver (2.20.0)
      childprocess (>= 0.2.5)
      ffi (~> 1.0)
      multi_json (~> 1.0)
      rubyzip
    sequel (3.34.1)
    slop (2.4.4)
    thin (1.3.1)
      daemons (>= 1.0.9)
      eventmachine (>= 0.12.6)
      rack (>= 1.0.0)
    thor (0.14.6)
    tilt (1.3.3)
    xpath (0.1.4)
      nokogiri (~> 1.3)

PLATFORMS
  ruby

DEPENDENCIES
  activesupport (~> 3.2)
  bcrypt-ruby (~> 3.0)
  capybara!
  database_cleaner (~> 0.7)
  foreman (~> 0.41)
  grape!
  grape-rabl (= 0.0.4)
  heroku (~> 2.24)
  json (= 1.6)
  pg (~> 0.13)
  pry (~> 0.9)
  pry-remote
  rack (= 1.3)
  rack-test
  rspec
  rspec-core
  rspec-expectations
  rspec-mocks
  sequel (~> 3.34)
  thin (~> 1.3)
